PATH
  remote: vendor/weathermotion
  specs:
    weathermotion (0.0.1)

GEM
  remote: https://www.rubygems.org/
  specs:
    rake (10.0.2)

PLATFORMS
  ruby

DEPENDENCIES
  rake
  weathermotion!
